PATH
  remote: .
  specs:
    middleman-inliner (1.1.0)

GEM
  remote: http://rubygems.org/
  specs:

PLATFORMS
  ruby

DEPENDENCIES
  middleman-inliner!
